GEM
  remote: http://rubygems.org/
  specs:
    activesupport (3.1.3)
      multi_json (~> 1.0)
    chunky_png (1.2.5)
    coffee-script (2.2.0)
      coffee-script-source
      execjs
    coffee-script-source (1.1.3)
    compass (0.11.5)
      chunky_png (~> 1.2)
      fssm (>= 0.2.7)
      sass (~> 3.1)
    daemons (1.1.4)
    eventmachine (0.12.10)
    execjs (1.2.9)
      multi_json (~> 1.0)
    fssm (0.2.7)
    guard (0.8.8)
      thor (~> 0.14.6)
    haml (3.1.4)
    hike (1.2.1)
    i18n (0.6.0)
    middleman (3.0.0.alpha.3)
      activesupport (~> 3.1.0)
      coffee-script (~> 2.2.0)
      compass (~> 0.11.3)
      execjs (~> 1.2.7)
      guard (~> 0.8.8)
      haml (~> 3.1.0)
      i18n (~> 0.6.0)
      rack (~> 1.3.5)
      rack-test (~> 0.6.1)
      rb-fsevent
      sass (~> 3.1.7)
      sprockets (~> 2.1.2)
      sprockets-sass (~> 0.5.0)
      thin (~> 1.2.11)
      thor (~> 0.14.0)
      tilt (~> 1.3.1)
      uglifier (~> 1.1.0)
    multi_json (1.0.4)
    rack (1.3.5)
    rack-test (0.6.1)
      rack (>= 1.0)
    rb-fsevent (0.4.3.1)
    sass (3.1.11)
    sprockets (2.1.2)
      hike (~> 1.2)
      rack (~> 1.0)
      tilt (~> 1.1, != 1.3.0)
    sprockets-sass (0.5.0)
      sprockets (~> 2.0)
      tilt (~> 1.1)
    therubyracer-heroku (0.8.1.pre3)
    thin (1.2.11)
      daemons (>= 1.0.9)
      eventmachine (>= 0.12.6)
      rack (>= 1.0.0)
    thor (0.14.6)
    tilt (1.3.3)
    uglifier (1.1.0)
      execjs (>= 0.3.0)
      multi_json (>= 1.0.2)

PLATFORMS
  ruby

DEPENDENCIES
  middleman (~> 3.0.0.alpha.3)
  therubyracer-heroku (~> 0.8.0)
